GEM
  remote: https://rubygems.org/
  specs:
    activesupport (5.2.2)
      concurrent-ruby (~> 1.0, >= 1.0.2)
      i18n (>= 0.7, < 2)
      minitest (~> 5.1)
      tzinfo (~> 1.1)
    addressable (2.6.0)
      public_suffix (>= 2.0.2, < 4.0)
    colorator (0.1)
    colorize (0.8.1)
    concurrent-ruby (1.1.4)
    ethon (0.12.0)
      ffi (>= 1.3.0)
    ffi (1.11.2)
    go_script (0.1.9)
      bundler (~> 1.10)
      safe_yaml (~> 1.0)
    guides_style_18f (1.0.6)
      jekyll
      jekyll_pages_api
      jekyll_pages_api_search
      rouge
      sass
    html-proofer (3.10.2)
      activesupport (>= 4.2, < 6.0)
      addressable (~> 2.3)
      colorize (~> 0.8)
      mercenary (~> 0.3.2)
      nokogiri (~> 1.9)
      parallel (~> 1.3)
      typhoeus (~> 1.3)
      yell (~> 2.0)
    htmlentities (4.3.4)
    i18n (1.5.3)
      concurrent-ruby (~> 1.0)
    jekyll (3.1.6)
      colorator (~> 0.1)
      jekyll-sass-converter (~> 1.0)
      jekyll-watch (~> 1.1)
      kramdown (~> 1.3)
      liquid (~> 3.0)
      mercenary (~> 0.3.3)
      rouge (~> 1.7)
      safe_yaml (~> 1.0)
    jekyll-sass-converter (1.4.0)
      sass (~> 3.4)
    jekyll-watch (1.4.0)
      listen (~> 3.0, < 3.1)
    jekyll_pages_api (0.1.6)
      htmlentities (~> 4.3)
      jekyll (>= 2.0, < 4.0)
    jekyll_pages_api_search (0.5.0)
      jekyll_pages_api (~> 0.1.4)
      sass (~> 3.4)
    kramdown (1.11.1)
    liquid (3.0.6)
    listen (3.0.8)
      rb-fsevent (~> 0.9, >= 0.9.4)
      rb-inotify (~> 0.9, >= 0.9.7)
    mercenary (0.3.6)
    mini_portile2 (2.4.0)
    minitest (5.11.3)
    nokogiri (1.10.8)
      mini_portile2 (~> 2.4.0)
    parallel (1.13.0)
    public_suffix (3.0.3)
    rake (12.3.3)
    rb-fsevent (0.9.7)
    rb-inotify (0.9.7)
      ffi (>= 0.5.0)
    redcarpet (3.3.4)
    rouge (1.11.1)
    safe_yaml (1.0.4)
    sass (3.4.22)
    thread_safe (0.3.6)
    typhoeus (1.3.1)
      ethon (>= 0.9.0)
    tzinfo (1.2.5)
      thread_safe (~> 0.1)
    yell (2.0.7)

PLATFORMS
  ruby

DEPENDENCIES
  go_script
  guides_style_18f (~> 1.0.6)
  html-proofer
  jekyll
  rake
  redcarpet
  rouge

RUBY VERSION
   ruby 2.7.0p0

BUNDLED WITH
   1.17.3
